GIT
  remote: git://github.com/resque/resque.git
  revision: b2bda7d55ebaa79436ccb9aed224356d536668b2
  specs:
    resque (2.0.0.pre.1)
      json
      mono_logger (~> 1.0)
      redis-namespace (>= 1.3.0)
      thor (~> 0.17)

GEM
  remote: https://rubygems.org/
  specs:
    json (1.8.1)
    mono_logger (1.1.0)
    rack (1.5.2)
    rack-protection (1.5.1)
      rack
    redis (3.0.6)
    redis-namespace (1.4.1)
      redis (~> 3.0.4)
    sinatra (1.4.4)
      rack (~> 1.4)
      rack-protection (~> 1.4)
      tilt (~> 1.3, >= 1.3.4)
    thor (0.18.1)
    tilt (1.4.1)

PLATFORMS
  ruby

DEPENDENCIES
  resque (~> 2.0.0.pre.1)!
  sinatra (~> 1.4)
